GEM
  remote: http://rubygems.org/
  specs:
    actionmailer (2.3.4)
      actionpack (= 2.3.4)
    actionpack (2.3.4)
      activesupport (= 2.3.4)
      rack (~> 1.0.0)
    activerecord (2.3.4)
      activesupport (= 2.3.4)
    activeresource (2.3.4)
      activesupport (= 2.3.4)
    activesupport (2.3.4)
    capybara (0.4.0)
      celerity (>= 0.7.9)
      culerity (>= 0.2.4)
      mime-types (>= 1.16)
      nokogiri (>= 1.3.3)
      rack (>= 1.0.0)
      rack-test (>= 0.5.4)
      selenium-webdriver (>= 0.0.27)
      xpath (~> 0.1.2)
    celerity (0.8.9)
    childprocess (0.1.9)
      ffi (~> 1.0.6)
    columnize (0.3.3)
    configuration (1.3.1)
    culerity (0.2.15)
    database_cleaner (0.6.7)
    decent_exposure (1.0.1)
    fabrication (1.0.0)
    fastercsv (1.5.4)
    ffi (1.0.9)
    ffi (1.0.9-x86-mingw32)
    gdata (1.1.1)
    haml (3.0.25)
    hoe (2.9.6)
      rake (~> 0.8)
    json_pure (1.5.3)
    launchy (0.4.0)
      configuration (>= 0.0.5)
      rake (>= 0.8.1)
    linecache (0.46)
      rbx-require-relative (> 0.0.4)
    mime-types (1.16)
    nokogiri (1.4.6)
    nokogiri (1.4.6-x86-mingw32)
    pg (0.11.0)
    pg (0.11.0-x86-mingw32)
    rack (1.0.1)
    rack-test (0.6.0)
      rack (>= 1.0)
    rails (2.3.4)
      actionmailer (= 2.3.4)
      actionpack (= 2.3.4)
      activerecord (= 2.3.4)
      activeresource (= 2.3.4)
      activesupport (= 2.3.4)
      rake (>= 0.8.3)
    rake (0.9.2)
    rbx-require-relative (0.0.5)
    rspec (1.3.1)
    rspec-rails (1.3.3)
      rack (>= 1.0.0)
      rspec (= 1.3.1)
    ruby-debug (0.10.4)
      columnize (>= 0.1)
      ruby-debug-base (~> 0.10.4.0)
    ruby-debug-base (0.10.4)
      linecache (>= 0.3)
    rubyzip (0.9.4)
    selenium-webdriver (0.2.2)
      childprocess (>= 0.1.9)
      ffi (>= 1.0.7)
      json_pure
      rubyzip
    steak (0.3.8)
      rspec (>= 1.3.0)
    test-unit (1.2.3)
      hoe (>= 1.5.1)
    timecop (0.3.5)
    watchr (0.7)
    xpath (0.1.4)
      nokogiri (~> 1.3)

PLATFORMS
  ruby
  x86-mingw32

DEPENDENCIES
  capybara (= 0.4.0)
  database_cleaner
  decent_exposure
  fabrication
  fastercsv
  gdata (= 1.1.1)
  haml (= 3.0.25)
  launchy
  pg
  rails (= 2.3.4)
  rspec (= 1.3.1)
  rspec-rails (= 1.3.3)
  ruby-debug
  steak (~> 0.3.0)
  test-unit (= 1.2.3)
  timecop
  watchr
