GEM
  remote: http://rubygems.org/
  specs:
    actionmailer (2.3.4)
      actionpack (= 2.3.4)
    actionpack (2.3.4)
      activesupport (= 2.3.4)
      rack (~> 1.0.0)
    activerecord (2.3.4)
      activesupport (= 2.3.4)
    activeresource (2.3.4)
      activesupport (= 2.3.4)
    activesupport (2.3.4)
    capybara (0.4.0)
      celerity (>= 0.7.9)
      culerity (>= 0.2.4)
      mime-types (>= 1.16)
      nokogiri (>= 1.3.3)
      rack (>= 1.0.0)
      rack-test (>= 0.5.4)
      selenium-webdriver (>= 0.0.27)
      xpath (~> 0.1.2)
    celerity (0.8.7)
    childprocess (0.1.6)
      ffi (~> 0.6.3)
    culerity (0.2.14)
    ffi (0.6.3)
      rake (>= 0.8.7)
    gdata (1.1.1)
    haml (3.0.25)
    hoe (2.8.0)
      rake (>= 0.8.7)
    json_pure (1.4.6)
    mime-types (1.16)
    mysql (2.8.1)
    nokogiri (1.4.4)
    rack (1.0.1)
    rack-test (0.5.7)
      rack (>= 1.0)
    rails (2.3.4)
      actionmailer (= 2.3.4)
      actionpack (= 2.3.4)
      activerecord (= 2.3.4)
      activeresource (= 2.3.4)
      activesupport (= 2.3.4)
      rake (>= 0.8.3)
    rake (0.8.7)
    rspec (1.3.1)
    rspec-rails (1.3.3)
      rack (>= 1.0.0)
      rspec (= 1.3.1)
    rubyzip (0.9.4)
    selenium-webdriver (0.1.2)
      childprocess (~> 0.1.5)
      ffi (~> 0.6.3)
      json_pure
      rubyzip
    sqlite3-ruby (1.2.5)
    steak (0.3.8)
      rspec (>= 1.3.0)
    test-unit (1.2.3)
      hoe (>= 1.5.1)
    xpath (0.1.3)
      nokogiri (~> 1.3)

PLATFORMS
  ruby

DEPENDENCIES
  capybara (= 0.4.0)
  gdata (= 1.1.1)
  haml (= 3.0.25)
  mysql
  rails (= 2.3.4)
  rspec (= 1.3.1)
  rspec-rails (= 1.3.3)
  sqlite3-ruby (= 1.2.5)
  steak (~> 0.3.0)
  test-unit (= 1.2.3)
